GEM
  remote: https://rubygems.org/
  specs:
    coderay (1.1.2)
    faraday (1.0.1)
      multipart-post (>= 1.2, < 3)
    method_source (1.0.0)
    multipart-post (2.1.1)
    pry (0.13.1)
      coderay (~> 1.1)
      method_source (~> 1.0)

PLATFORMS
  ruby

DEPENDENCIES
  faraday
  pry

BUNDLED WITH
   2.1.2
